PATH
  remote: .
  specs:
    seed-fu-ndo (0.0.1)
      seed-fu (>= 2.2.0)

GEM
  remote: http://rubygems.org/
  specs:
    activemodel (3.2.3)
      activesupport (= 3.2.3)
      builder (~> 3.0.0)
    activerecord (3.2.3)
      activemodel (= 3.2.3)
      activesupport (= 3.2.3)
      arel (~> 3.0.2)
      tzinfo (~> 0.3.29)
    activesupport (3.2.3)
      i18n (~> 0.6)
      multi_json (~> 1.0)
    arel (3.0.2)
    builder (3.0.0)
    i18n (0.6.0)
    json (1.6.6)
    multi_json (1.3.1)
    rake (0.9.2.2)
    rdoc (3.12)
      json (~> 1.4)
    seed-fu (2.2.0)
      activerecord (~> 3.1)
      activesupport (~> 3.1)
    tzinfo (0.3.33)

PLATFORMS
  ruby

DEPENDENCIES
  rake
  rdoc
  seed-fu-ndo!
